GEM
  remote: https://rubygems.org/
  specs:
    actioncable (5.2.2.1)
      actionpack (= 5.2.2.1)
      nio4r (~> 2.0)
      websocket-driver (>= 0.6.1)
    actionmailer (5.2.2.1)
      actionpack (= 5.2.2.1)
      actionview (= 5.2.2.1)
      activejob (= 5.2.2.1)
      mail (~> 2.5, >= 2.5.4)
      rails-dom-testing (~> 2.0)
    actionpack (5.2.2.1)
      actionview (= 5.2.2.1)
      activesupport (= 5.2.2.1)
      rack (~> 2.0)
      rack-test (>= 0.6.3)
      rails-dom-testing (~> 2.0)
      rails-html-sanitizer (~> 1.0, >= 1.0.2)
    actionpack-xml_parser (2.0.1)
      actionpack (>= 5.0)
      railties (>= 5.0)
    actionview (5.2.2.1)
      activesupport (= 5.2.2.1)
      builder (~> 3.1)
      erubi (~> 1.4)
      rails-dom-testing (~> 2.0)
      rails-html-sanitizer (~> 1.0, >= 1.0.3)
    activejob (5.2.2.1)
      activesupport (= 5.2.2.1)
      globalid (>= 0.3.6)
    activemodel (5.2.2.1)
      activesupport (= 5.2.2.1)
    activerecord (5.2.2.1)
      activemodel (= 5.2.2.1)
      activesupport (= 5.2.2.1)
      arel (>= 9.0)
    activestorage (5.2.2.1)
      actionpack (= 5.2.2.1)
      activerecord (= 5.2.2.1)
      marcel (~> 0.3.1)
    activesupport (5.2.2.1)
      concurrent-ruby (~> 1.0, >= 1.0.2)
      i18n (>= 0.7, < 2)
      minitest (~> 5.1)
      tzinfo (~> 1.1)
    addressable (2.6.0)
      public_suffix (>= 2.0.2, < 4.0)
    airbrake (8.3.2)
      airbrake-ruby (~> 4.1)
    airbrake-ruby (4.2.2)
      rbtree3 (~> 0.5)
    arel (9.0.0)
    aws-sdk (1.67.0)
      aws-sdk-v1 (= 1.67.0)
    aws-sdk-v1 (1.67.0)
      json (~> 1.4)
      nokogiri (~> 1)
    builder (3.2.3)
    capybara (2.18.0)
      addressable
      mini_mime (>= 0.1.3)
      nokogiri (>= 1.3.3)
      rack (>= 1.0.0)
      rack-test (>= 0.5.4)
      xpath (>= 2.0, < 4.0)
    childprocess (0.9.0)
      ffi (~> 1.0, >= 1.0.11)
    coderay (1.1.2)
    concurrent-ruby (1.1.5)
    connection_pool (2.2.2)
    crass (1.0.4)
    css_parser (1.7.0)
      addressable
    docile (1.1.5)
    dotenv (2.7.2)
    dotenv-rails (2.7.2)
      dotenv (= 2.7.2)
      railties (>= 3.2, < 6.1)
    erubi (1.8.0)
    ffi (1.10.0)
    globalid (0.4.2)
      activesupport (>= 4.2.0)
    hiredis (0.6.3)
    htmlentities (4.3.4)
    i18n (0.7.0)
    json (1.8.6)
    loofah (2.2.3)
      crass (~> 1.0.2)
      nokogiri (>= 1.5.9)
    mail (2.7.1)
      mini_mime (>= 0.1.1)
    marcel (0.3.3)
      mimemagic (~> 0.3.2)
    metaclass (0.0.4)
    method_source (0.9.2)
    mimemagic (0.3.3)
    mini_mime (1.0.1)
    mini_portile2 (2.4.0)
    minitest (5.11.3)
    mocha (1.8.0)
      metaclass (~> 0.0.1)
    net-ldap (0.16.1)
    newrelic_rpm (6.2.0.354)
    nio4r (2.3.1)
    nokogiri (1.10.2)
      mini_portile2 (~> 2.4.0)
    pg (1.1.4)
    pry (0.12.2)
      coderay (~> 1.1.0)
      method_source (~> 0.9.0)
    pry-rails (0.3.9)
      pry (>= 0.10.4)
    public_suffix (3.0.3)
    puma (3.12.1)
    rack (2.0.6)
    rack-openid (1.4.2)
      rack (>= 1.1.0)
      ruby-openid (>= 2.1.8)
    rack-protection (2.0.5)
      rack
    rack-test (1.1.0)
      rack (>= 1.0, < 3)
    rails (5.2.2.1)
      actioncable (= 5.2.2.1)
      actionmailer (= 5.2.2.1)
      actionpack (= 5.2.2.1)
      actionview (= 5.2.2.1)
      activejob (= 5.2.2.1)
      activemodel (= 5.2.2.1)
      activerecord (= 5.2.2.1)
      activestorage (= 5.2.2.1)
      activesupport (= 5.2.2.1)
      bundler (>= 1.3.0)
      railties (= 5.2.2.1)
      sprockets-rails (>= 2.0.0)
    rails-dom-testing (2.0.3)
      activesupport (>= 4.2.0)
      nokogiri (>= 1.6)
    rails-html-sanitizer (1.0.4)
      loofah (~> 2.2, >= 2.2.2)
    railties (5.2.2.1)
      actionpack (= 5.2.2.1)
      activesupport (= 5.2.2.1)
      method_source
      rake (>= 0.8.7)
      thor (>= 0.19.0, < 2.0)
    rake (12.3.2)
    rbpdf (1.19.8)
      htmlentities
      rbpdf-font (~> 1.19.0)
    rbpdf-font (1.19.1)
    rbtree3 (0.5.0)
    redcarpet (3.4.0)
    redis (4.1.0)
    request_store (1.0.5)
    rmagick (2.16.0)
    roadie (3.4.0)
      css_parser (~> 1.4)
      nokogiri (~> 1.5)
    roadie-rails (1.3.0)
      railties (>= 3.0, < 5.3)
      roadie (~> 3.1)
    rouge (3.3.0)
    ruby-openid (2.3.0)
    rubyzip (1.2.2)
    selenium-webdriver (3.141.0)
      childprocess (~> 0.5)
      rubyzip (~> 1.2, >= 1.2.2)
    sidekiq (5.2.5)
      connection_pool (~> 2.2, >= 2.2.2)
      rack (>= 1.5.0)
      rack-protection (>= 1.5.0)
      redis (>= 3.3.5, < 5)
    simplecov (0.14.1)
      docile (~> 1.1.0)
      json (>= 1.8, < 3)
      simplecov-html (~> 0.10.0)
    simplecov-html (0.10.2)
    sprockets (3.7.2)
      concurrent-ruby (~> 1.0)
      rack (> 1, < 3)
    sprockets-rails (3.2.1)
      actionpack (>= 4.0)
      activesupport (>= 4.0)
      sprockets (>= 3.0.0)
    sq_mini_racer (0.2.4.sqreen2)
    sqreen (1.17.0)
      sq_mini_racer (~> 0.2.4.sqreen2)
    thor (0.20.3)
    thread_safe (0.3.6)
    tzinfo (1.2.5)
      thread_safe (~> 0.1)
    websocket-driver (0.7.0)
      websocket-extensions (>= 0.1.0)
    websocket-extensions (0.1.3)
    xpath (3.2.0)
      nokogiri (~> 1.8)
    yard (0.9.18)

PLATFORMS
  ruby

DEPENDENCIES
  actionpack-xml_parser
  airbrake
  aws-sdk (~> 1)
  bundler (>= 1.5.0)
  capybara (~> 2.13)
  dotenv-rails
  hiredis
  i18n (~> 0.7.0)
  mail (~> 2.7.1)
  mimemagic
  mini_mime (~> 1.0.1)
  mocha
  net-ldap (~> 0.16.0)
  newrelic_rpm
  nokogiri (~> 1.10.0)
  pg
  pry-rails
  puma
  rack-openid
  rack-protection
  rails (= 5.2.2.1)
  rails-dom-testing
  rbpdf (~> 1.19.6)
  redcarpet (~> 3.4.0)
  request_store (= 1.0.5)
  rmagick (~> 2.16.0)
  roadie-rails (~> 1.3.0)
  rouge (~> 3.3.0)
  ruby-openid (~> 2.3.0)
  selenium-webdriver
  sidekiq
  simplecov (~> 0.14.1)
  sqreen
  tzinfo-data
  yard

RUBY VERSION
   ruby 2.6.2p48

BUNDLED WITH
   2.0.1
